GIT
  remote: https://github.com/hanazuki/rake-portile.git
  revision: e5e0e3b8ee740d1cae28129a3d7e0e4cc089a697
  specs:
    rake-portile (0.0.0)
      mini_portile2
      rake

GEM
  remote: https://rubygems.org/
  specs:
    mini_portile2 (2.4.0)
    rake (13.0.1)

PLATFORMS
  ruby

DEPENDENCIES
  rake
  rake-portile!

BUNDLED WITH
   2.1.0.pre.3
