GEM
  remote: https://rubygems.org/
  specs:
    mini_portile2 (2.4.0)
    rake (13.0.1)

PLATFORMS
  ruby

DEPENDENCIES
  mini_portile2
  rake

BUNDLED WITH
   2.1.0.pre.2
